GEM
  remote: https://rubygems.org/
  specs:
    bson (4.1.1)
    json (1.8.3)
    mongo (2.2.5)
      bson (~> 4.0)
    rack (1.6.4)
    sinatra (1.1.0)
      rack (~> 1.1)
      tilt (~> 1.1)
    tilt (1.4.1)

PLATFORMS
  ruby

DEPENDENCIES
  json
  mongo
  sinatra

RUBY VERSION
   ruby 2.0.0p645

BUNDLED WITH
   1.12.5
